PATH
  remote: .
  specs:
    gofundme (0.1.0)
      nokogiri
      rest-client

GEM
  remote: https://rubygems.org/
  specs:
    mime-types (1.25.1)
    mini_portile2 (2.4.0)
    minitest (5.11.3)
    nokogiri (1.10.1)
      mini_portile2 (~> 2.4.0)
    rake (10.4.2)
    rest-client (1.6.9)
      mime-types (~> 1.16)

PLATFORMS
  ruby

DEPENDENCIES
  bundler (~> 1.16)
  gofundme!
  minitest (~> 5.0)
  rake (~> 10.0)

BUNDLED WITH
   1.16.6
